GEM
  remote: https://rubygems.org/
  specs:
    activesupport (3.2.13)
      i18n (= 0.6.1)
      multi_json (~> 1.0)
    bubble-wrap (1.3.0)
    claide (0.3.2)
    cocoapods (0.22.2)
      activesupport (~> 3.2.13)
      claide (~> 0.3.2)
      cocoapods-core (= 0.22.2)
      cocoapods-downloader (~> 0.1.1)
      colored (~> 1.2)
      escape (~> 0.0.4)
      json (~> 1.8.0)
      open4 (~> 1.3.0)
      xcodeproj (~> 0.8.1)
    cocoapods-core (0.22.2)
      activesupport (~> 3.2.13)
      json (~> 1.8.0)
      nap (~> 0.5.1)
    cocoapods-downloader (0.1.1)
    colored (1.2)
    escape (0.0.4)
    formotion (1.3.1)
      bubble-wrap (>= 1.1.4)
    i18n (0.6.1)
    json (1.8.0)
    motion-cocoapods (1.3.5)
      cocoapods (>= 0.17.0)
    motion-pixate (1.2)
      sass
    motion-require (0.0.6)
    multi_json (1.7.7)
    nap (0.5.1)
    open4 (1.3.0)
    rake (10.1.0)
    rm-digest (0.0.2)
    rm-wsse (0.0.3)
      cocoapods
      motion-cocoapods
      rm-digest
    sass (3.2.9)
    sugarcube (0.20.25)
    xcodeproj (0.8.1)
      activesupport (~> 3.2.13)
      colored (~> 1.2)

PLATFORMS
  ruby

DEPENDENCIES
  bubble-wrap
  formotion
  motion-cocoapods
  motion-pixate
  motion-require
  rake
  rm-wsse
  sugarcube
